GIT
  remote: https://github.com/marcheiligers/swt
  revision: fc51b5bf72a50e0892dc8e6f330c11502a9cbfac
  ref: fc51b5b
  specs:
    swt (4.18.0)

GEM
  remote: https://rubygems.org/
  specs:

PLATFORMS
  universal-java-1.8

DEPENDENCIES
  swt!

BUNDLED WITH
   2.2.5
