GIT
  remote: https://github.com/marcheiligers/swt
  revision: 6a72012931dcb9575e926d6c1b96cb24c6a4dfd1
  ref: 6a72012
  specs:
    swt (4.18.0)

GEM
  remote: https://rubygems.org/
  specs:
    jruby-jars (9.2.14.0)
    jruby-rack (1.1.21)
    os (1.1.1)
    rake (13.0.3)
    rubyzip (1.3.0)
    warbler (2.0.5)
      jruby-jars (>= 9.0.0.0)
      jruby-rack (>= 1.1.1, < 1.3)
      rake (>= 10.1.0)
      rubyzip (~> 1.0, < 1.4)

PLATFORMS
  universal-java-1.8

DEPENDENCIES
  os
  swt!
  warbler

BUNDLED WITH
   2.2.5
