GIT
  remote: https://github.com/marcheiligers/swt
  revision: 46a953b2174d4f774700ada29438149c746f9274
  ref: 46a953b
  specs:
    swt (4.18.0)

GEM
  remote: https://rubygems.org/
  specs:

PLATFORMS
  universal-java-1.8

DEPENDENCIES
  swt!

BUNDLED WITH
   2.2.5
