GIT
  remote: https://github.com/marcheiligers/swt
  revision: 6a72012931dcb9575e926d6c1b96cb24c6a4dfd1
  ref: 6a72012
  specs:
    swt (4.18.0)

GEM
  remote: https://rubygems.org/
  specs:
    concurrent-ruby (1.1.8)
    config (3.0.0)
      deep_merge (~> 1.2, >= 1.2.1)
      dry-validation (~> 1.0, >= 1.0.0)
    deep_merge (1.2.1)
    dry-configurable (0.12.1)
      concurrent-ruby (~> 1.0)
      dry-core (~> 0.5, >= 0.5.0)
    dry-container (0.7.2)
      concurrent-ruby (~> 1.0)
      dry-configurable (~> 0.1, >= 0.1.3)
    dry-core (0.5.0)
      concurrent-ruby (~> 1.0)
    dry-equalizer (0.3.0)
    dry-inflector (0.2.0)
    dry-initializer (3.0.4)
    dry-logic (1.1.0)
      concurrent-ruby (~> 1.0)
      dry-core (~> 0.5, >= 0.5)
    dry-schema (1.6.1)
      concurrent-ruby (~> 1.0)
      dry-configurable (~> 0.8, >= 0.8.3)
      dry-core (~> 0.5, >= 0.5)
      dry-initializer (~> 3.0)
      dry-logic (~> 1.0)
      dry-types (~> 1.5)
    dry-types (1.5.1)
      concurrent-ruby (~> 1.0)
      dry-container (~> 0.3)
      dry-core (~> 0.5, >= 0.5)
      dry-inflector (~> 0.1, >= 0.1.2)
      dry-logic (~> 1.0, >= 1.0.2)
    dry-validation (1.6.0)
      concurrent-ruby (~> 1.0)
      dry-container (~> 0.7, >= 0.7.1)
      dry-core (~> 0.4)
      dry-equalizer (~> 0.2)
      dry-initializer (~> 3.0)
      dry-schema (~> 1.5, >= 1.5.2)
    jruby-jars (9.2.14.0)
    jruby-rack (1.1.21)
    os (1.1.1)
    rake (13.0.3)
    rubyzip (1.3.0)
    warbler (2.0.5)
      jruby-jars (>= 9.0.0.0)
      jruby-rack (>= 1.1.1, < 1.3)
      rake (>= 10.1.0)
      rubyzip (~> 1.0, < 1.4)

PLATFORMS
  universal-java-1.8

DEPENDENCIES
  config
  os
  swt!
  warbler

BUNDLED WITH
   2.2.5
