GIT
  remote: https://github.com/marcheiligers/swt
  revision: 46a953b2174d4f774700ada29438149c746f9274
  ref: 46a953b
  specs:
    swt (4.18.0)

GEM
  remote: https://rubygems.org/
  specs:
    jruby-jars (9.2.14.0)
    jruby-rack (1.1.21)
    rake (13.0.3)
    rubyzip (1.3.0)
    warbler (2.0.5)
      jruby-jars (>= 9.0.0.0)
      jruby-rack (>= 1.1.1, < 1.3)
      rake (>= 10.1.0)
      rubyzip (~> 1.0, < 1.4)

PLATFORMS
  universal-java-1.8

DEPENDENCIES
  swt!
  warbler

BUNDLED WITH
   2.2.5
